GEM
  remote: https://rubygems.org/
  specs:
    domain_name (0.5.24)
      unf (>= 0.0.5, < 1.0.0)
    erubis (2.7.0)
    excon (0.45.2)
    heroics (0.0.14)
      erubis (~> 2.7.0)
      excon
      moneta
      multi_json (>= 1.9.2)
      netrc
    highline (1.7.2)
    http-cookie (1.0.2)
      domain_name (~> 0.5)
    mime-types (2.4.3)
    moneta (0.8.0)
    multi_json (1.11.0)
    netrc (0.10.3)
    platform-api (0.2.0)
      heroics (~> 0.0.10)
    rendezvous (0.1.2)
    rest-client (1.8.0)
      http-cookie (>= 1.0.2, < 2.0)
      mime-types (>= 1.16, < 3.0)
      netrc (~> 0.7)
    unf (0.1.4)
      unf_ext
    unf_ext (0.0.7.1)

PLATFORMS
  ruby

DEPENDENCIES
  highline
  platform-api
  rendezvous
  rest-client
